GEM
  remote: http://rubygems.org/
  specs:
    colored (1.2)
    highline (1.7.1)
    httparty (0.13.1)
      json (~> 1.8)
      multi_xml (>= 0.5.2)
    json (1.8.1)
    multi_xml (0.5.5)
    slop (4.0.0)
    steps (1.1.3)
      colored (>= 1.2)
      highline (>= 1.6)

PLATFORMS
  ruby

DEPENDENCIES
  colored
  httparty
  slop
  steps
