GEM
  remote: http://rubygems.org/
  specs:
    colored (1.2)
    highline (1.7.7)
    httparty (0.13.7)
      json (~> 1.8)
      multi_xml (>= 0.5.2)
    json (1.8.3)
    multi_xml (0.5.5)
    slop (4.2.0)
    steps (1.1.3)
      colored (>= 1.2)
      highline (>= 1.6)

PLATFORMS
  ruby

DEPENDENCIES
  colored
  httparty
  slop
  steps

BUNDLED WITH
   1.10.0
